GEM
  remote: https://rubygems.org/
  specs:
    ansi (1.5.0)
    builder (3.2.3)
    irb (1.0.0)
    minitest (5.11.3)
    minitest-focus (1.1.2)
      minitest (>= 4, < 6)
    minitest-reporters (1.3.6)
      ansi
      builder
      minitest (>= 5.0)
      ruby-progressbar
    rake (12.3.3)
    rake-compiler (1.0.7)
      rake
    ruby-progressbar (1.10.1)

PLATFORMS
  ruby

DEPENDENCIES
  irb
  minitest
  minitest-focus
  minitest-reporters
  rake
  rake-compiler

BUNDLED WITH
   1.17.2
